PATH
  remote: .
  specs:
    gtl (0.9.0)
      thor

GEM
  remote: https://rubygems.org/
  specs:
    rake (10.3.2)
    thor (0.19.1)

PLATFORMS
  ruby

DEPENDENCIES
  gtl!
  rake (~> 10.1)
